PATH
  remote: .
  specs:
    inky_qr (0.1.0)
      googl (~> 0.5.0)
      oily_png (~> 1.0.2)
      rqrcode_png (~> 0.1.1)
      rubikon (~> 0.6.0)

GEM
  remote: http://rubygems.org/
  specs:
    chunky_png (1.2.5)
    googl (0.5.0)
      httparty (>= 0.6.1)
      json (>= 1.4.6)
    httparty (0.8.1)
      multi_json
      multi_xml
    json (1.6.1)
    multi_json (1.0.3)
    multi_xml (0.4.1)
    oily_png (1.0.2)
      chunky_png (~> 1.2.1)
    rqrcode (0.4.2)
    rqrcode_png (0.1.1)
      chunky_png
      rqrcode
    rubikon (0.6.0)

PLATFORMS
  ruby

DEPENDENCIES
  inky_qr!
