PATH
  remote: .
  specs:
    inky_qr (0.1.0)
      googl (~> 0.5.0)
      nokogiri (~> 1.5.0)
      rmagick (~> 2.13.1)
      rqrcode (~> 0.4.2)
      rubikon (~> 0.6.0)

GEM
  remote: http://rubygems.org/
  specs:
    googl (0.5.0)
      httparty (>= 0.6.1)
      json (>= 1.4.6)
    httparty (0.8.1)
      multi_json
      multi_xml
    json (1.6.3)
    multi_json (1.0.4)
    multi_xml (0.4.1)
    nokogiri (1.5.0)
    rmagick (2.13.1)
    rqrcode (0.4.2)
    rubikon (0.6.0)

PLATFORMS
  ruby

DEPENDENCIES
  inky_qr!
